PATH
  remote: .
  specs:
    cint (0.2.0)
      colored (~> 1.2)
      commander (~> 4.4)
      xcodeproj (~> 1.5.2)

GEM
  remote: https://rubygems.org/
  specs:
    CFPropertyList (2.3.5)
    claide (1.0.2)
    colored (1.2)
    colored2 (3.1.2)
    commander (4.4.3)
      highline (~> 1.7.2)
    diff-lcs (1.3)
    highline (1.7.8)
    nanaimo (0.2.3)
    rake (12.2.1)
    rspec (3.7.0)
      rspec-core (~> 3.7.0)
      rspec-expectations (~> 3.7.0)
      rspec-mocks (~> 3.7.0)
    rspec-core (3.7.0)
      rspec-support (~> 3.7.0)
    rspec-expectations (3.7.0)
      diff-lcs (>= 1.2.0, < 2.0)
      rspec-support (~> 3.7.0)
    rspec-mocks (3.7.0)
      diff-lcs (>= 1.2.0, < 2.0)
      rspec-support (~> 3.7.0)
    rspec-support (3.7.0)
    xcodeproj (1.5.3)
      CFPropertyList (~> 2.3.3)
      claide (>= 1.0.2, < 2.0)
      colored2 (~> 3.1)
      nanaimo (~> 0.2.3)

PLATFORMS
  ruby

DEPENDENCIES
  bundler (~> 1.11)
  cint!
  rake (~> 12.1)
  rspec (~> 3.0)

BUNDLED WITH
   1.16.0
