PATH
  remote: .
  specs:
    cint (0.2.3)
      colored (~> 1.2)
      commander (~> 4.4)
      xcodeproj (~> 1.5.2)

GEM
  remote: https://rubygems.org/
  specs:
    CFPropertyList (3.0.1)
    atomos (0.1.3)
    claide (1.0.3)
    colored (1.2)
    colored2 (3.1.2)
    commander (4.4.7)
      highline (~> 2.0.0)
    diff-lcs (1.3)
    highline (2.0.3)
    nanaimo (0.2.6)
    rake (12.3.3)
    rspec (3.9.0)
      rspec-core (~> 3.9.0)
      rspec-expectations (~> 3.9.0)
      rspec-mocks (~> 3.9.0)
    rspec-core (3.9.0)
      rspec-support (~> 3.9.0)
    rspec-expectations (3.9.0)
      diff-lcs (>= 1.2.0, < 2.0)
      rspec-support (~> 3.9.0)
    rspec-mocks (3.9.0)
      diff-lcs (>= 1.2.0, < 2.0)
      rspec-support (~> 3.9.0)
    rspec-support (3.9.0)
    xcodeproj (1.5.9)
      CFPropertyList (>= 2.3.3, < 4.0)
      atomos (~> 0.1.2)
      claide (>= 1.0.2, < 2.0)
      colored2 (~> 3.1)
      nanaimo (~> 0.2.5)

PLATFORMS
  ruby

DEPENDENCIES
  bundler (~> 1.11)
  cint!
  rake (~> 12.1)
  rspec (~> 3.0)

BUNDLED WITH
   1.17.2
